GEM
  remote: https://rubygems.org/
  specs:
    byebug (11.1.3)
    childprocess (0.9.0)
      ffi (~> 1.0, >= 1.0.11)
    coderay (1.1.3)
    ffi (1.13.1)
    method_source (1.0.0)
    pry (0.13.1)
      coderay (~> 1.1)
      method_source (~> 1.0)
    rubyzip (1.3.0)
    selenium-webdriver (3.6.0)
      childprocess (~> 0.5)
      rubyzip (~> 1.0)

PLATFORMS
  ruby

DEPENDENCIES
  byebug
  pry
  selenium-webdriver (~> 3.6.0)

BUNDLED WITH
   2.1.4
